GEM
  remote: https://rubygems.org/
  specs:
    CFPropertyList (2.3.2)
    allure-cucumber (0.5.1)
      allure-ruby-adaptor-api
      cucumber (>= 2.0.0)
    allure-ruby-adaptor-api (0.6.10)
      mimemagic
      nokogiri (~> 1.6.0)
      uuid
    awesome_print (1.6.1)
    builder (3.2.2)
    calabash (2.0.0.prelegacy4)
      awesome_print
      bundler (>= 1.3.0, < 2.0)
      clipboard
      edn (>= 1.0.6, < 2.0)
      escape (>= 0.0.4, < 1.0)
      geocoder (>= 1.1.8, < 2.0)
      httpclient (~> 2.6)
      json
      luffa
      rubyzip (~> 1.1)
      run_loop (>= 2.0.2, < 3.0)
    calapog (0.1.0)
      thor (~> 0)
    childprocess (0.5.9)
      ffi (~> 1.0, >= 1.0.11)
    clipboard (1.1.0)
    command_runner_ng (0.1.0)
    concurrent-ruby (1.1.10)
    cucumber (2.3.3)
      builder (>= 2.1.2)
      cucumber-core (~> 1.4.0)
      cucumber-wire (~> 0.0.1)
      diff-lcs (>= 1.1.3)
      gherkin (~> 3.2.0)
      multi_json (>= 1.7.5, < 2.0)
      multi_test (>= 0.1.2)
    cucumber-core (1.4.0)
      gherkin (~> 3.2.0)
    cucumber-wire (0.0.1)
    data_magic (0.22)
      faker (>= 1.1.2)
      yml_reader (>= 0.6)
    diff-lcs (1.2.5)
    edn (1.1.0)
    escape (0.0.4)
    faker (1.6.3)
      i18n (~> 0.5)
    ffi (1.9.10)
    geocoder (1.3.1)
    gherkin (3.2.0)
    httpclient (2.7.1)
    i18n (0.9.5)
      concurrent-ruby (~> 1.0)
    json (1.8.3)
    luffa (2.0.0)
      awesome_print (~> 1.2)
      json (~> 1.8)
      retriable (>= 1.3.3.1, < 2.1)
      thor (~> 0.19)
    macaddr (1.7.1)
      systemu (~> 2.6.2)
    mimemagic (0.4.3)
      nokogiri (~> 1)
      rake
    mini_portile2 (2.0.0)
    multi_json (1.11.2)
    multi_test (0.1.2)
    nokogiri (1.6.7.2)
      mini_portile2 (~> 2.0.0.rc2)
    page-object (1.1.1)
      page_navigation (>= 0.9)
      selenium-webdriver (>= 2.44.0)
      watir-webdriver (>= 0.6.11)
    page_navigation (0.9)
      data_magic (>= 0.14)
    pusher (0.17.0)
      httpclient (~> 2.7)
      multi_json (~> 1.0)
      pusher-signature (~> 0.1.8)
    pusher-signature (0.1.8)
    rake (13.0.6)
    require_all (1.3.3)
    retriable (2.0.2)
    rspec-expectations (3.4.0)
      diff-lcs (>= 1.2.0, < 2.0)
      rspec-support (~> 3.4.0)
    rspec-support (3.4.1)
    rubyzip (1.2.0)
    run_loop (2.0.9)
      CFPropertyList (~> 2.2)
      awesome_print (~> 1.2)
      command_runner_ng (>= 0.0.2)
      httpclient (~> 2.6)
      json (~> 1.8)
      thor (>= 0.18.1, < 1.0)
    selenium-webdriver (2.53.0)
      childprocess (~> 0.5)
      rubyzip (~> 1.0)
      websocket (~> 1.0)
    slowhandcuke (0.0.3)
      cucumber
    systemu (2.6.5)
    thor (0.19.1)
    uuid (2.3.8)
      macaddr (~> 1.0)
    watir-webdriver (0.9.1)
      selenium-webdriver (>= 2.46.2)
    websocket (1.2.2)
    yml_reader (0.7)

PLATFORMS
  ruby

DEPENDENCIES
  allure-cucumber
  calabash (= 2.0.0.prelegacy4)
  calapog (~> 0.1.0)
  cucumber (~> 2.0)
  data_magic
  page-object
  pusher
  require_all
  rspec-expectations
  slowhandcuke (>= 0.0.3, < 1.0)

BUNDLED WITH
   1.10.6
